GIT
  remote: https://github.com/coinbase/temporal-ruby.git
  revision: 41a8e923e52f62a6727e3ce6ffa2d68090b29439
  specs:
    temporal-ruby (0.0.2)
      grpc
      oj

GEM
  remote: https://rubygems.org/
  specs:
    coderay (1.1.3)
    google-protobuf (3.23.1-x86_64-darwin)
    googleapis-common-protos-types (1.6.0)
      google-protobuf (~> 3.14)
    grpc (1.54.2-x86_64-darwin)
      google-protobuf (~> 3.21)
      googleapis-common-protos-types (~> 1.0)
    method_source (1.0.0)
    oj (3.14.3)
    pry (0.14.2)
      coderay (~> 1.1)
      method_source (~> 1.0)

PLATFORMS
  x86_64-darwin-21

DEPENDENCIES
  pry
  temporal-ruby!

BUNDLED WITH
   2.4.8
